GEM
  remote: http://rubygems.org/
  specs:
    rack (1.4.1)
    rack-google_analytics (1.0.2)
      rack

PLATFORMS
  ruby

DEPENDENCIES
  rack
  rack-google_analytics
