GEM
  remote: http://rubygems.org/
  specs:
    rack (1.4.1)
    rack-test (0.6.1)
      rack (>= 1.0)
    racksh (0.9.11)
      rack (>= 1.0)
      rack-test (>= 0.5)

PLATFORMS
  ruby

DEPENDENCIES
  rack
  racksh
